GEM
  remote: http://rubygems.org/
  specs:
    activerecord (2.3.10)
      activesupport (= 2.3.10)
    activerecord-jdbc-adapter (1.0.3-java)
    activerecord-jdbcmysql-adapter (1.0.3-java)
      activerecord-jdbc-adapter (= 1.0.3)
      jdbc-mysql (~> 5.0.0)
    activesupport (2.3.10)
    archive-tar-minitar (0.5.2)
    columnize (0.3.2)
    jdbc-mysql (5.0.4)
    linecache (0.43)
    linecache19 (0.5.11)
      ruby_core_source (>= 0.1.4)
    mocha (0.9.10)
      rake
    mysql (2.8.1)
    rake (0.8.7)
    ruby-debug (0.10.4)
      columnize (>= 0.1)
      ruby-debug-base (~> 0.10.4.0)
    ruby-debug-base (0.10.4)
      linecache (>= 0.3)
    ruby-debug-base19 (0.11.24)
      columnize (>= 0.3.1)
      linecache19 (>= 0.5.11)
      ruby_core_source (>= 0.1.4)
    ruby-debug19 (0.11.6)
      columnize (>= 0.3.1)
      linecache19 (>= 0.5.11)
      ruby-debug-base19 (>= 0.11.19)
    ruby_core_source (0.1.4)
      archive-tar-minitar (>= 0.5.2)
    shoulda (2.11.3)

PLATFORMS
  java
  ruby

DEPENDENCIES
  activerecord (~> 2.3.5)
  activerecord-jdbcmysql-adapter (~> 1.0.3)
  bundler
  mocha
  mysql
  rake
  ruby-debug
  ruby-debug19
  shoulda
